GEM
  remote: https://rubygems.org/
  specs:
    addressable (2.3.6)
    css_parser (1.3.6)
      addressable
    descriptive_statistics (2.5.1)
    htmlentities (4.3.1)
    mini_portile (0.6.2)
    nokogiri (1.6.6.2)
      mini_portile (~> 0.6.0)
    nokogiri-styles (0.1.2)
      nokogiri
    premailer (1.8.3)
      css_parser (>= 1.3.6)
      htmlentities (>= 4.0.0, <= 4.3.1)
    reverse_markdown (0.7.0)
      nokogiri
    word-to-markdown (1.1.1)
      descriptive_statistics (~> 2.5)
      nokogiri-styles (~> 0.1)
      premailer (~> 1.8)
      reverse_markdown (~> 0.6)

PLATFORMS
  ruby

DEPENDENCIES
  word-to-markdown
